GEM
  remote: https://rubygems.org/
  specs:
    addressable (2.8.7)
      public_suffix (>= 2.0.2, < 7.0)
    ast (2.4.2)
    base64 (0.3.0)
    concurrent-ruby (1.2.2)
    faraday (2.13.2)
      faraday-net_http (>= 2.0, < 3.5)
      json
      logger
    faraday-net_http (3.4.1)
      net-http (>= 0.5.0)
    faraday-retry (2.3.2)
      faraday (~> 2.0)
    gapic-common (1.0.0)
      faraday (>= 1.9, < 3.a)
      faraday-retry (>= 1.0, < 3.a)
      google-cloud-env (~> 2.2)
      google-logging-utils (~> 0.1)
      google-protobuf (>= 3.25, < 5.a)
      googleapis-common-protos (~> 1.6)
      googleapis-common-protos-types (~> 1.15)
      googleauth (~> 1.12)
      grpc (~> 1.66)
    google-cloud-core (1.8.0)
      google-cloud-env (>= 1.0, < 3.a)
      google-cloud-errors (~> 1.0)
    google-cloud-env (2.3.1)
      base64 (~> 0.2)
      faraday (>= 1.0, < 3.a)
    google-cloud-errors (1.5.0)
    google-cloud-vision (1.6.0)
      google-cloud-core (~> 1.6)
      google-cloud-vision-v1 (>= 0.13, < 2.a)
      google-cloud-vision-v1p3beta1 (>= 0.12, < 2.a)
    google-cloud-vision-v1 (0.15.0)
      gapic-common (>= 0.21.1, < 2.a)
      google-cloud-errors (~> 1.0)
    google-cloud-vision-v1p3beta1 (0.16.0)
      gapic-common (~> 1.0)
      google-cloud-errors (~> 1.0)
    google-logging-utils (0.2.0)
    google-protobuf (3.25.8-x86_64-linux)
    googleapis-common-protos (1.8.0)
      google-protobuf (>= 3.18, < 5.a)
      googleapis-common-protos-types (~> 1.20)
      grpc (~> 1.41)
    googleapis-common-protos-types (1.20.0)
      google-protobuf (>= 3.18, < 5.a)
    googleauth (1.14.0)
      faraday (>= 1.0, < 3.a)
      google-cloud-env (~> 2.2)
      google-logging-utils (~> 0.1)
      jwt (>= 1.4, < 3.0)
      multi_json (~> 1.11)
      os (>= 0.9, < 2.0)
      signet (>= 0.16, < 2.a)
    grpc (1.73.0-x86_64-linux)
      google-protobuf (>= 3.25, < 5.0)
      googleapis-common-protos-types (~> 1.0)
    json (2.6.3)
    jwt (2.10.2)
      base64
    logger (1.7.0)
    multi_json (1.15.0)
    net-http (0.6.0)
      uri
    os (1.1.4)
    parallel (1.23.0)
    parser (3.2.2.1)
      ast (~> 2.4.1)
    public_suffix (5.1.1)
    rainbow (3.1.1)
    regexp_parser (2.8.0)
    rexml (3.3.9)
    rubocop (1.50.2)
      json (~> 2.3)
      parallel (~> 1.10)
      parser (>= 3.2.0.0)
      rainbow (>= 2.2.2, < 4.0)
      regexp_parser (>= 1.8, < 3.0)
      rexml (>= 3.2.5, < 4.0)
      rubocop-ast (>= 1.28.0, < 2.0)
      ruby-progressbar (~> 1.7)
      unicode-display_width (>= 2.4.0, < 3.0)
    rubocop-ast (1.28.0)
      parser (>= 3.2.1.0)
    ruby-progressbar (1.13.0)
    semantic_logger (4.13.0)
      concurrent-ruby (~> 1.0)
    signet (0.20.0)
      addressable (~> 2.8)
      faraday (>= 0.17.5, < 3.a)
      jwt (>= 1.5, < 3.0)
      multi_json (~> 1.10)
    unicode-display_width (2.4.2)
    uri (0.13.2)

PLATFORMS
  x86_64-linux

DEPENDENCIES
  google-cloud-vision
  rubocop
  semantic_logger

RUBY VERSION
   ruby 3.2.2p53

BUNDLED WITH
   2.4.12
